PATH
  remote: .
  specs:
    actionpusher (0.0.1)
      houston (~> 2.0.2)

GEM
  remote: https://rubygems.org/
  specs:
    commander (4.1.6)
      highline (~> 1.6.11)
    diff-lcs (1.2.4)
    highline (1.6.21)
    houston (2.0.2)
      commander (~> 4.1)
      json
    json (1.8.1)
    rspec (2.14.1)
      rspec-core (~> 2.14.0)
      rspec-expectations (~> 2.14.0)
      rspec-mocks (~> 2.14.0)
    rspec-core (2.14.6)
    rspec-expectations (2.14.3)
      diff-lcs (>= 1.1.3, < 2.0)
    rspec-mocks (2.14.4)

PLATFORMS
  ruby

DEPENDENCIES
  actionpusher!
  rspec (~> 2.14.1)
